GEM
  remote: https://rubygems.org/
  specs:
    debug (1.8.0)
      irb (>= 1.5.0)
      reline (>= 0.3.1)
    ffi (1.16.3-x64-mingw-ucrt)
    io-console (0.6.0)
    irb (1.8.2)
      rdoc
      reline (>= 0.3.8)
    language_server-protocol (3.17.0.3)
    listen (3.8.0)
      rb-fsevent (~> 0.10, >= 0.10.3)
      rb-inotify (~> 0.9, >= 0.9.10)
    mustermann (3.0.0)
      ruby2_keywords (~> 0.0.1)
    nio4r (2.5.9)
    psych (5.1.1)
      stringio
    puma (6.4.0)
      nio4r (~> 2.0)
    rack (2.2.8)
    rack-protection (3.1.0)
      rack (~> 2.2, >= 2.2.4)
    rb-fsevent (0.11.2)
    rb-inotify (0.10.1)
      ffi (~> 1.0)
    rdoc (6.5.0)
      psych (>= 4.0.0)
    reline (0.3.9)
      io-console (~> 0.5)
    rerun (0.14.0)
      listen (~> 3.0)
    ruby-lsp (0.11.2)
      language_server-protocol (~> 3.17.0)
      sorbet-runtime (>= 0.5.5685)
      yarp (>= 0.12, < 0.13)
    ruby2_keywords (0.0.5)
    sinatra (3.1.0)
      mustermann (~> 3.0)
      rack (~> 2.2, >= 2.2.4)
      rack-protection (= 3.1.0)
      tilt (~> 2.0)
    sorbet-runtime (0.5.11072)
    stringio (3.0.8)
    tilt (2.3.0)
    wdm (0.1.1)
    yarp (0.12.0)

PLATFORMS
  x64-mingw-ucrt

DEPENDENCIES
  debug
  puma
  rerun
  ruby-lsp
  sinatra
  wdm (>= 0.1.0)

BUNDLED WITH
   2.3.26
